GEM
  remote: https://rubygems.org/
  specs:
    aws-sdk (2.9.10)
      aws-sdk-resources (= 2.9.10)
    aws-sdk-core (2.9.10)
      aws-sigv4 (~> 1.0)
      jmespath (~> 1.0)
    aws-sdk-resources (2.9.10)
      aws-sdk-core (= 2.9.10)
    aws-sigv4 (1.0.0)
    dotenv (2.2.0)
    gem_config (0.3.1)
    jmespath (1.3.1)
    mini_portile2 (2.1.0)
    multi_json (1.12.1)
    nokogiri (1.7.1)
      mini_portile2 (~> 2.1.0)
    rake (12.0.0)
    rollbar (2.14.1)
      multi_json
    tries (0.3.2)
      gem_config (~> 0.2)

PLATFORMS
  ruby

DEPENDENCIES
  aws-sdk (~> 2.9)
  dotenv (~> 2.2)
  nokogiri (~> 1.7)
  rake (~> 12.0)
  rollbar (~> 2.14)
  tries (~> 0.3)

RUBY VERSION
   ruby 2.4.1p111

BUNDLED WITH
   1.14.6
