GEM
  remote: https://rubygems.org/
  specs:
    aws-eventstream (1.0.3)
    aws-sdk (2.11.284)
      aws-sdk-resources (= 2.11.284)
    aws-sdk-core (2.11.284)
      aws-sigv4 (~> 1.0)
      jmespath (~> 1.0)
    aws-sdk-resources (2.11.284)
      aws-sdk-core (= 2.11.284)
    aws-sigv4 (1.1.0)
      aws-eventstream (~> 1.0, >= 1.0.2)
    dotenv (2.7.2)
    dotenv-heroku (0.0.1)
      rake
    gem_config (0.3.1)
    jmespath (1.4.0)
    mini_portile2 (2.4.0)
    multi_json (1.13.1)
    nokogiri (1.10.4)
      mini_portile2 (~> 2.4.0)
    rake (12.3.2)
    rollbar (2.20.0)
      multi_json
    tries (0.3.2)
      gem_config (~> 0.2)

PLATFORMS
  ruby

DEPENDENCIES
  aws-sdk (~> 2.9)
  dotenv (~> 2.2)
  dotenv-heroku (~> 0.0)
  nokogiri (~> 1.10)
  rake (~> 12.0)
  rollbar (~> 2.14)
  tries (~> 0.3)

RUBY VERSION
   ruby 2.6.3p62

BUNDLED WITH
   1.17.2
