GEM
  remote: https://rubygems.org/
  specs:
    aws-sdk (2.9.1)
      aws-sdk-resources (= 2.9.1)
    aws-sdk-core (2.9.1)
      aws-sigv4 (~> 1.0)
      jmespath (~> 1.0)
    aws-sdk-resources (2.9.1)
      aws-sdk-core (= 2.9.1)
    aws-sigv4 (1.0.0)
    dotenv (2.2.0)
    jmespath (1.3.1)
    mini_portile2 (2.1.0)
    nokogiri (1.7.1)
      mini_portile2 (~> 2.1.0)
    rake (12.0.0)

PLATFORMS
  ruby

DEPENDENCIES
  aws-sdk (~> 2.9)
  dotenv (~> 2.2)
  nokogiri (~> 1.7)
  rake (~> 12.0)

RUBY VERSION
   ruby 2.4.1p111

BUNDLED WITH
   1.14.6
